PATH
  remote: .
  specs:
    slimy (0.0.0)
      rack (~> 2.0)

GEM
  remote: https://rubygems.org/
  specs:
    ansi (1.5.0)
    builder (3.2.4)
    minitest (5.14.2)
    minitest-reporters (1.4.2)
      ansi
      builder
      minitest (>= 5.0)
      ruby-progressbar
    rack (2.2.3)
    rake (10.5.0)
    ruby-progressbar (1.10.1)
    timecop (0.9.2)

PLATFORMS
  ruby

DEPENDENCIES
  bundler (>= 1.0, < 3)
  minitest (~> 5.14)
  minitest-reporters (~> 1.4)
  rake (~> 10.4, >= 10.4.2)
  slimy!
  timecop (~> 0.9)

BUNDLED WITH
   2.0.2
