PATH
  remote: .
  specs:
    slimy (0.0.0)

GEM
  remote: https://rubygems.org/
  specs:

PLATFORMS
  ruby

DEPENDENCIES
  slimy!

BUNDLED WITH
   2.0.2
