PATH
  remote: .
  specs:
    slimy (0.0.3)
      rack (~> 2.0)

GEM
  remote: https://rubygems.org/
  specs:
    ansi (1.5.0)
    ast (2.4.1)
    builder (3.2.4)
    bump (0.10.0)
    jaro_winkler (1.5.3)
    minitest (5.14.2)
    minitest-reporters (1.4.2)
      ansi
      builder
      minitest (>= 5.0)
      ruby-progressbar
    parallel (1.18.0)
    parser (2.6.5.0)
      ast (~> 2.4.0)
    rack (2.2.3)
    rainbow (3.0.0)
    rake (10.5.0)
    rubocop (0.75.1)
      jaro_winkler (~> 1.5.1)
      parallel (~> 1.10)
      parser (>= 2.6)
      rainbow (>= 2.2.2, < 4.0)
      ruby-progressbar (~> 1.7)
      unicode-display_width (>= 1.4.0, < 1.7)
    ruby-progressbar (1.10.1)
    timecop (0.9.2)
    unicode-display_width (1.6.0)

PLATFORMS
  ruby

DEPENDENCIES
  bump
  bundler (>= 1.0, < 3)
  minitest (~> 5.14)
  minitest-reporters (~> 1.4)
  rake (~> 10.4, >= 10.4.2)
  rubocop
  slimy!
  timecop (~> 0.9)

BUNDLED WITH
   2.0.2
